GEM
  remote: https://rubygems.org/
  specs:
    daemons (1.1.9)
    json (1.8.1)
    mini_portile (0.6.1)
    newrelic_plugin (1.3.1)
      json
    nokogiri (1.6.4.1)
      mini_portile (~> 0.6.0)
    power_assert (0.2.2)
    rake (10.4.0)
    test-unit (3.0.7)
      power_assert

PLATFORMS
  ruby

DEPENDENCIES
  daemons
  newrelic_plugin
  nokogiri
  rake
  test-unit
